GEM
  remote: https://rubygems.org/
  specs:
    faraday (0.17.1)
      multipart-post (>= 1.2, < 3)
    jwt (2.2.1)
    mini_portile2 (2.8.0)
    multipart-post (2.1.1)
    mustermann (1.0.3)
    nokogiri (1.13.3)
      mini_portile2 (~> 2.8.0)
      racc (~> 1.4)
    nokogiri (1.13.3-x64-mingw32)
      racc (~> 1.4)
    racc (1.6.0)
    rack (2.0.7)
    rack-protection (2.0.7)
      rack
    sinatra (2.0.7)
      mustermann (~> 1.0)
      rack (~> 2.0)
      rack-protection (= 2.0.7)
      tilt (~> 2.0)
    tilt (2.0.10)
    twilio-ruby (5.31.0)
      faraday (~> 0.9)
      jwt (>= 1.5, <= 2.5)
      nokogiri (>= 1.6, < 2.0)

PLATFORMS
  ruby
  x64-mingw32

DEPENDENCIES
  sinatra
  twilio-ruby (~> 5.31)

BUNDLED WITH
   1.17.2
